GEM
  remote: https://rubygems.org/
  specs:
    rack (1.6.2)
    sass (3.4.16)
    sprockets (3.2.0)
      rack (~> 1.0)

PLATFORMS
  ruby

DEPENDENCIES
  rack
  sass
  sprockets (~> 3.0)

BUNDLED WITH
   1.10.5
